GEM
  remote: https://rubygems.org/
  specs:
    actioncable (7.0.2.2)
      actionpack (= 7.0.2.2)
      activesupport (= 7.0.2.2)
      nio4r (~> 2.0)
      websocket-driver (>= 0.6.1)
    actionmailbox (7.0.2.2)
      actionpack (= 7.0.2.2)
      activejob (= 7.0.2.2)
      activerecord (= 7.0.2.2)
      activestorage (= 7.0.2.2)
      activesupport (= 7.0.2.2)
      mail (>= 2.7.1)
      net-imap
      net-pop
      net-smtp
    actionmailer (7.0.2.2)
      actionpack (= 7.0.2.2)
      actionview (= 7.0.2.2)
      activejob (= 7.0.2.2)
      activesupport (= 7.0.2.2)
      mail (~> 2.5, >= 2.5.4)
      net-imap
      net-pop
      net-smtp
      rails-dom-testing (~> 2.0)
    actionpack (7.0.2.2)
      actionview (= 7.0.2.2)
      activesupport (= 7.0.2.2)
      rack (~> 2.0, >= 2.2.0)
      rack-test (>= 0.6.3)
      rails-dom-testing (~> 2.0)
      rails-html-sanitizer (~> 1.0, >= 1.2.0)
    actiontext (7.0.2.2)
      actionpack (= 7.0.2.2)
      activerecord (= 7.0.2.2)
      activestorage (= 7.0.2.2)
      activesupport (= 7.0.2.2)
      globalid (>= 0.6.0)
      nokogiri (>= 1.8.5)
    actionview (7.0.2.2)
      activesupport (= 7.0.2.2)
      builder (~> 3.1)
      erubi (~> 1.4)
      rails-dom-testing (~> 2.0)
      rails-html-sanitizer (~> 1.1, >= 1.2.0)
    activejob (7.0.2.2)
      activesupport (= 7.0.2.2)
      globalid (>= 0.3.6)
    activemodel (7.0.2.2)
      activesupport (= 7.0.2.2)
    activemodel-serializers-xml (1.0.2)
      activemodel (> 5.x)
      activesupport (> 5.x)
      builder (~> 3.1)
    activerecord (7.0.2.2)
      activemodel (= 7.0.2.2)
      activesupport (= 7.0.2.2)
    activestorage (7.0.2.2)
      actionpack (= 7.0.2.2)
      activejob (= 7.0.2.2)
      activerecord (= 7.0.2.2)
      activesupport (= 7.0.2.2)
      marcel (~> 1.0)
      mini_mime (>= 1.1.0)
    activesupport (7.0.2.2)
      concurrent-ruby (~> 1.0, >= 1.0.2)
      i18n (>= 1.6, < 2)
      minitest (>= 5.1)
      tzinfo (~> 2.0)
    addressable (2.8.0)
      public_suffix (>= 2.0.2, < 5.0)
    ast (2.4.2)
    aws-eventstream (1.2.0)
    aws-partitions (1.563.0)
    aws-sdk-core (3.128.0)
      aws-eventstream (~> 1, >= 1.0.2)
      aws-partitions (~> 1, >= 1.525.0)
      aws-sigv4 (~> 1.1)
      jmespath (~> 1.0)
    aws-sdk-kms (1.55.0)
      aws-sdk-core (~> 3, >= 3.127.0)
      aws-sigv4 (~> 1.1)
    aws-sdk-s3 (1.113.0)
      aws-sdk-core (~> 3, >= 3.127.0)
      aws-sdk-kms (~> 1)
      aws-sigv4 (~> 1.4)
    aws-sdk-secretsmanager (1.64.0)
      aws-sdk-core (~> 3, >= 3.127.0)
      aws-sigv4 (~> 1.1)
    aws-sigv4 (1.4.0)
      aws-eventstream (~> 1, >= 1.0.2)
    axiom-types (0.1.1)
      descendants_tracker (~> 0.0.4)
      ice_nine (~> 0.11.0)
      thread_safe (~> 0.3, >= 0.3.1)
    base64 (0.1.1)
    bcrypt (3.1.16)
    blueprinter (0.25.3)
    bootsnap (1.10.3)
      msgpack (~> 1.2)
    builder (3.2.4)
    coercible (1.0.0)
      descendants_tracker (~> 0.0.1)
    concurrent-ruby (1.1.9)
    connection_pool (2.2.5)
    crack (0.4.5)
      rexml
    crass (1.0.6)
    debug (1.4.0)
      irb (>= 1.3.6)
      reline (>= 0.2.7)
    descendants_tracker (0.0.4)
      thread_safe (~> 0.3, >= 0.3.1)
    devise (4.8.1)
      bcrypt (~> 3.0)
      orm_adapter (~> 0.1)
      railties (>= 4.1.0)
      responders
      warden (~> 1.2.3)
    diff-lcs (1.5.0)
    digest (3.1.0)
    docile (1.4.0)
    dotenv (2.7.6)
    dotenv-rails (2.7.6)
      dotenv (= 2.7.6)
      railties (>= 3.2)
    equalizer (0.0.11)
    erubi (1.10.0)
    erubis (2.7.0)
    eth (0.5.6)
      keccak (~> 1.3)
      konstructor (~> 1.0)
      openssl (>= 2.2, < 4.0)
      rbsecp256k1 (~> 5.1)
      scrypt (~> 3.0)
    factory_bot (6.2.0)
      activesupport (>= 5.0.0)
    factory_bot_rails (6.2.0)
      factory_bot (~> 6.2.0)
      railties (>= 5.0.0)
    faker (2.20.0)
      i18n (>= 1.8.11, < 2)
    ffi (1.15.5)
    ffi-compiler (1.0.1)
      ffi (>= 1.0.0)
      rake
    flay (2.12.1)
      erubis (~> 2.7.0)
      path_expander (~> 1.0)
      ruby_parser (~> 3.0)
      sexp_processor (~> 4.0)
    flog (4.6.4)
      path_expander (~> 1.0)
      ruby_parser (~> 3.1, > 3.1.0)
      sexp_processor (~> 4.8)
    globalid (1.0.0)
      activesupport (>= 5.0)
    graphql (1.13.10)
    graphql-client (0.17.0)
      activesupport (>= 3.0)
      graphql (~> 1.10)
    hashdiff (1.0.1)
    hiredis (0.6.3)
    httparty (0.20.0)
      mime-types (~> 3.0)
      multi_xml (>= 0.5.2)
    i18n (1.10.0)
      concurrent-ruby (~> 1.0)
    ice_nine (0.11.2)
    image_processing (1.12.2)
      mini_magick (>= 4.9.5, < 5)
      ruby-vips (>= 2.0.17, < 3)
    io-console (0.5.11)
    io-wait (0.2.1)
    irb (1.4.1)
      reline (>= 0.3.0)
    jmespath (1.6.1)
    kaminari (1.2.2)
      activesupport (>= 4.1.0)
      kaminari-actionview (= 1.2.2)
      kaminari-activerecord (= 1.2.2)
      kaminari-core (= 1.2.2)
    kaminari-actionview (1.2.2)
      actionview
      kaminari-core (= 1.2.2)
    kaminari-activerecord (1.2.2)
      activerecord
      kaminari-core (= 1.2.2)
    kaminari-core (1.2.2)
    keccak (1.3.0)
    konstructor (1.0.2)
    kwalify (0.7.2)
    launchy (2.5.0)
      addressable (~> 2.7)
    loofah (2.18.0)
      crass (~> 1.0.2)
      nokogiri (>= 1.5.9)
    mail (2.7.1)
      mini_mime (>= 0.1.1)
    marcel (1.0.2)
    method_source (1.0.0)
    mime-types (3.4.1)
      mime-types-data (~> 3.2015)
    mime-types-data (3.2022.0105)
    mini_magick (4.11.0)
    mini_mime (1.1.2)
    mini_portile2 (2.8.0)
    minitest (5.15.0)
    mobility (1.2.6)
      i18n (>= 0.6.10, < 2)
      request_store (~> 1.0)
    mock_redis (0.31.0)
      ruby2_keywords
    money (6.16.0)
      i18n (>= 0.6.4, <= 2)
    msgpack (1.4.5)
    multi_xml (0.6.0)
    nested_form (0.3.2)
    net-imap (0.2.3)
      digest
      net-protocol
      strscan
    net-pop (0.1.1)
      digest
      net-protocol
      timeout
    net-protocol (0.1.2)
      io-wait
      timeout
    net-smtp (0.3.1)
      digest
      net-protocol
      timeout
    nio4r (2.5.8)
    nokogiri (1.13.6-arm64-darwin)
      racc (~> 1.4)
    nokogiri (1.13.6-x86_64-darwin)
      racc (~> 1.4)
    nokogiri (1.13.6-x86_64-linux)
      racc (~> 1.4)
    openssl (3.0.0)
    orm_adapter (0.5.0)
    parallel (1.21.0)
    parser (3.1.1.0)
      ast (~> 2.4.1)
    path_expander (1.1.0)
    pg (1.3.3)
    pkg-config (1.4.7)
    public_suffix (4.0.6)
    puma (5.6.4)
      nio4r (~> 2.0)
    racc (1.6.0)
    rack (2.2.4)
    rack-cors (1.1.1)
      rack (>= 2.0.0)
    rack-test (1.1.0)
      rack (>= 1.0, < 3)
    rails (7.0.2.2)
      actioncable (= 7.0.2.2)
      actionmailbox (= 7.0.2.2)
      actionmailer (= 7.0.2.2)
      actionpack (= 7.0.2.2)
      actiontext (= 7.0.2.2)
      actionview (= 7.0.2.2)
      activejob (= 7.0.2.2)
      activemodel (= 7.0.2.2)
      activerecord (= 7.0.2.2)
      activestorage (= 7.0.2.2)
      activesupport (= 7.0.2.2)
      bundler (>= 1.15.0)
      railties (= 7.0.2.2)
    rails-dom-testing (2.0.3)
      activesupport (>= 4.2.0)
      nokogiri (>= 1.6)
    rails-html-sanitizer (1.4.3)
      loofah (~> 2.3)
    rails_admin (3.0.0)
      activemodel-serializers-xml (>= 1.0)
      kaminari (>= 0.14, < 2.0)
      nested_form (~> 0.3)
      rails (>= 6.0, < 8)
      turbo-rails (~> 1.0)
    railties (7.0.2.2)
      actionpack (= 7.0.2.2)
      activesupport (= 7.0.2.2)
      method_source
      rake (>= 12.2)
      thor (~> 1.0)
      zeitwerk (~> 2.5)
    rainbow (3.1.1)
    rake (13.0.6)
    rbsecp256k1 (5.1.0)
      mini_portile2 (~> 2.7)
      pkg-config (~> 1.4)
      rubyzip (~> 2.3)
    recursive-open-struct (1.1.3)
    redis (4.6.0)
    redis-namespace (1.8.1)
      redis (>= 3.0.4)
    reek (6.1.0)
      kwalify (~> 0.7.0)
      parser (~> 3.1.0)
      rainbow (>= 2.0, < 4.0)
    regexp_parser (2.2.1)
    reline (0.3.1)
      io-console (~> 0.5)
    request_store (1.5.1)
      rack (>= 1.4)
    responders (3.0.1)
      actionpack (>= 5.0)
      railties (>= 5.0)
    rexml (3.2.5)
    rspec-core (3.11.0)
      rspec-support (~> 3.11.0)
    rspec-expectations (3.11.0)
      diff-lcs (>= 1.2.0, < 2.0)
      rspec-support (~> 3.11.0)
    rspec-mocks (3.11.0)
      diff-lcs (>= 1.2.0, < 2.0)
      rspec-support (~> 3.11.0)
    rspec-rails (5.1.1)
      actionpack (>= 5.2)
      activesupport (>= 5.2)
      railties (>= 5.2)
      rspec-core (~> 3.10)
      rspec-expectations (~> 3.10)
      rspec-mocks (~> 3.10)
      rspec-support (~> 3.10)
    rspec-support (3.11.0)
    rubocop (1.25.1)
      parallel (~> 1.10)
      parser (>= 3.1.0.0)
      rainbow (>= 2.2.2, < 4.0)
      regexp_parser (>= 1.8, < 3.0)
      rexml
      rubocop-ast (>= 1.15.1, < 2.0)
      ruby-progressbar (~> 1.7)
      unicode-display_width (>= 1.4.0, < 3.0)
    rubocop-ast (1.16.0)
      parser (>= 3.1.1.0)
    rubocop-performance (1.13.3)
      rubocop (>= 1.7.0, < 2.0)
      rubocop-ast (>= 0.4.0)
    rubocop-rails (2.13.2)
      activesupport (>= 4.2.0)
      rack (>= 1.1)
      rubocop (>= 1.7.0, < 2.0)
    rubocop-rspec (2.9.0)
      rubocop (~> 1.19)
    ruby-progressbar (1.11.0)
    ruby-vips (2.1.4)
      ffi (~> 1.12)
    ruby2_keywords (0.0.5)
    ruby_parser (3.18.1)
      sexp_processor (~> 4.16)
    rubycritic (4.6.1)
      flay (~> 2.8)
      flog (~> 4.4)
      launchy (>= 2.0.0)
      parser (>= 2.6.0)
      rainbow (~> 3.0)
      reek (~> 6.0, < 7.0)
      ruby_parser (~> 3.8)
      simplecov (>= 0.17.0)
      tty-which (~> 0.4.0)
      virtus (~> 1.0)
    rubyzip (2.3.2)
    sassc (2.4.0)
      ffi (~> 1.9)
    sassc-rails (2.1.2)
      railties (>= 4.0.0)
      sassc (>= 2.0)
      sprockets (> 3.0)
      sprockets-rails
      tilt
    scrypt (3.0.7)
      ffi-compiler (>= 1.0, < 2.0)
    sentry-rails (5.3.1)
      railties (>= 5.0)
      sentry-ruby-core (~> 5.3.1)
    sentry-ruby (5.3.1)
      concurrent-ruby (~> 1.0, >= 1.0.2)
      sentry-ruby-core (= 5.3.1)
    sentry-ruby-core (5.3.1)
      concurrent-ruby
    sexp_processor (4.16.0)
    shoulda-matchers (5.1.0)
      activesupport (>= 5.2.0)
    sidekiq (6.5.0)
      connection_pool (>= 2.2.2)
      rack (~> 2.0)
      redis (>= 4.2.0)
    simplecov (0.21.2)
      docile (~> 1.1)
      simplecov-html (~> 0.11)
      simplecov_json_formatter (~> 0.1)
    simplecov-html (0.12.3)
    simplecov_json_formatter (0.1.4)
    sprockets (4.0.3)
      concurrent-ruby (~> 1.0)
      rack (> 1, < 3)
    sprockets-rails (3.4.2)
      actionpack (>= 5.2)
      activesupport (>= 5.2)
      sprockets (>= 3.0.0)
    stripe (6.3.0)
    strscan (3.0.1)
    thor (1.2.1)
    thread_safe (0.3.6)
    tilt (2.0.10)
    timeout (0.2.0)
    tty-which (0.4.2)
    turbo-rails (1.1.1)
      actionpack (>= 6.0.0)
      activejob (>= 6.0.0)
      railties (>= 6.0.0)
    tzinfo (2.0.4)
      concurrent-ruby (~> 1.0)
    unicode-display_width (2.1.0)
    vcr (6.1.0)
    virtus (1.0.5)
      axiom-types (~> 0.1)
      coercible (~> 1.0)
      descendants_tracker (~> 0.0, >= 0.0.3)
      equalizer (~> 0.0, >= 0.0.9)
    warden (1.2.9)
      rack (>= 2.0.9)
    web3-eth (0.1.0)
    webmock (3.14.0)
      addressable (>= 2.8.0)
      crack (>= 0.3.2)
      hashdiff (>= 0.4.0, < 2.0.0)
    websocket-driver (0.7.5)
      websocket-extensions (>= 0.1.0)
    websocket-extensions (0.1.5)
    zeitwerk (2.5.4)

PLATFORMS
  arm64-darwin-21
  x86_64-darwin-19
  x86_64-darwin-20
  x86_64-linux

DEPENDENCIES
  aws-sdk-s3
  aws-sdk-secretsmanager
  base64
  blueprinter
  bootsnap
  debug
  devise
  dotenv-rails
  eth (~> 0.5.6)
  factory_bot_rails
  faker
  ffi
  graphql
  graphql-client
  hiredis
  httparty
  image_processing (~> 1.2)
  io-wait (= 0.2.1)
  keccak (~> 1.3)
  mobility (~> 1.2.6)
  mock_redis
  money
  nio4r
  pg (~> 1.1)
  puma (= 5.6.4)
  rack-cors
  rails (~> 7.0.1)
  rails_admin (~> 3.0.0)
  recursive-open-struct
  redis (~> 4.0)
  redis-namespace
  rspec-rails
  rubocop
  rubocop-performance
  rubocop-rails
  rubocop-rspec
  rubycritic
  sassc-rails
  sentry-rails
  sentry-ruby
  shoulda-matchers (~> 5.0)
  sidekiq
  stripe
  tzinfo-data
  vcr
  web3-eth
  webmock

RUBY VERSION
   ruby 3.1.2p20

BUNDLED WITH
   2.3.7
